PATH
  remote: .
  specs:
    descartes (0.9.2)
      assonnato (~> 0.8)
      cinch (~> 2.2)
      cinch-colorize (~> 0.3)
      cinch-login (~> 0.1)
      crunchyroll (~> 0.9, >= 0.9.8)
      htmlentities (~> 4.3)
      json (~> 1.8)
      nokogiri (~> 1.6)
      rockstar (~> 0.8)
      treccani (~> 0.3)

GEM
  remote: https://rubygems.org/
  specs:
    activesupport (4.2.7.1)
      i18n (~> 0.7)
      json (~> 1.7, >= 1.7.7)
      minitest (~> 5.1)
      thread_safe (~> 0.3, >= 0.3.4)
      tzinfo (~> 1.1)
    assonnato (0.8.2)
    chronic (0.10.2)
    cinch (2.3.2)
    cinch-colorize (0.3)
      cinch
    cinch-login (0.1)
      cinch
    crunchyroll (0.9.9)
      activesupport (~> 4.1)
      chronic (~> 0.10)
      nokogiri (~> 1.6)
      time_difference (~> 0.3)
    hpricot (0.8.6)
    htmlentities (4.3.4)
    i18n (0.7.0)
    json (1.8.3)
    mini_portile2 (2.1.0)
    minitest (5.9.0)
    nokogiri (1.6.8)
      mini_portile2 (~> 2.1.0)
      pkg-config (~> 1.1.7)
    pkg-config (1.1.7)
    rake (11.3.0)
    rockstar (0.8.1)
      activesupport (>= 1.4.2)
      hpricot (>= 0.4.86)
      i18n (>= 0.5.0)
      rake (>= 0.10.0)
    thread_safe (0.3.5)
    time_difference (0.4.2)
      activesupport
    treccani (0.3)
      nokogiri
    tzinfo (1.2.2)
      thread_safe (~> 0.1)

PLATFORMS
  ruby

DEPENDENCIES
  descartes!

BUNDLED WITH
   1.13.1
