PATH
  remote: .
  specs:
    descartes (0.9.2)
      assonnato (~> 0.8)
      cinch (~> 2.2)
      cinch-colorize (~> 0.3)
      cinch-login (~> 0.1)
      crunchyroll (~> 0.9, >= 0.9.8)
      discordrb (~> 3.3)
      htmlentities (~> 4.3)
      json (~> 2.3)
      nokogiri (~> 1.10)
      pry (~> 0.13)
      pry-byebug (~> 3.9)
      rockstar (~> 0.8)
      treccani (~> 0.3)

GEM
  remote: https://rubygems.org/
  specs:
    activesupport (4.2.11.1)
      i18n (~> 0.7)
      minitest (~> 5.1)
      thread_safe (~> 0.3, >= 0.3.4)
      tzinfo (~> 1.1)
    assonnato (0.8.2)
    byebug (11.1.3)
    chronic (0.10.2)
    cinch (2.3.4)
    cinch-colorize (0.3)
      cinch
    cinch-login (0.1)
      cinch
    coderay (1.1.2)
    concurrent-ruby (1.1.6)
    crunchyroll (0.9.9)
      activesupport (~> 4.1)
      chronic (~> 0.10)
      nokogiri (~> 1.6)
      time_difference (~> 0.3)
    discordrb (3.3.0)
      discordrb-webhooks (~> 3.3.0)
      ffi (>= 1.9.24)
      opus-ruby
      rbnacl (~> 3.4.0)
      rest-client (>= 2.1.0.rc1)
      websocket-client-simple (>= 0.3.0)
    discordrb-webhooks (3.3.0)
      rest-client (>= 2.1.0.rc1)
    domain_name (0.5.20190701)
      unf (>= 0.0.5, < 1.0.0)
    event_emitter (0.2.6)
    ffi (1.12.2)
    hpricot (0.8.6)
    htmlentities (4.3.4)
    http-accept (1.7.0)
    http-cookie (1.0.3)
      domain_name (~> 0.5)
    i18n (0.9.5)
      concurrent-ruby (~> 1.0)
    json (2.3.0)
    method_source (1.0.0)
    mime-types (3.3.1)
      mime-types-data (~> 3.2015)
    mime-types-data (3.2020.0425)
    mini_portile2 (2.4.0)
    minitest (5.14.0)
    netrc (0.11.0)
    nokogiri (1.10.9)
      mini_portile2 (~> 2.4.0)
    opus-ruby (1.0.1)
      ffi
    pry (0.13.1)
      coderay (~> 1.1)
      method_source (~> 1.0)
    pry-byebug (3.9.0)
      byebug (~> 11.0)
      pry (~> 0.13.0)
    rake (13.0.1)
    rbnacl (3.4.0)
      ffi
    rest-client (2.1.0)
      http-accept (>= 1.7.0, < 2.0)
      http-cookie (>= 1.0.2, < 2.0)
      mime-types (>= 1.16, < 4.0)
      netrc (~> 0.8)
    rockstar (0.8.1)
      activesupport (>= 1.4.2)
      hpricot (>= 0.4.86)
      i18n (>= 0.5.0)
      rake (>= 0.10.0)
    thread_safe (0.3.6)
    time_difference (0.5.0)
      activesupport
    treccani (0.3)
      nokogiri
    tzinfo (1.2.7)
      thread_safe (~> 0.1)
    unf (0.1.4)
      unf_ext
    unf_ext (0.0.7.7)
    websocket (1.2.8)
    websocket-client-simple (0.3.0)
      event_emitter
      websocket

PLATFORMS
  ruby

DEPENDENCIES
  descartes!

BUNDLED WITH
   1.17.3
